GEM
  remote: https://rubygems.org/
  specs:
    pandoc-ruby (2.0.2)
    redcarpet (3.5.0)

PLATFORMS
  ruby

DEPENDENCIES
  pandoc-ruby
  redcarpet

BUNDLED WITH
   1.17.2
